GEM
  remote: https://rubygems.org/
  specs:
    bigdecimal (3.1.8)
    coderay (1.1.3)
    ffi (1.17.0)
    ffi (1.17.0-arm64-darwin)
    formatador (1.1.0)
    google-protobuf (4.28.2)
      bigdecimal
      rake (>= 13)
    google-protobuf (4.28.2-arm64-darwin)
      bigdecimal
      rake (>= 13)
    guard (2.18.1)
      formatador (>= 0.2.4)
      listen (>= 2.7, < 4.0)
      lumberjack (>= 1.0.12, < 2.0)
      nenv (~> 0.1)
      notiffany (~> 0.0)
      pry (>= 0.13.0)
      shellany (~> 0.0)
      thor (>= 0.18.1)
    haml (6.3.0)
      temple (>= 0.8.2)
      thor
      tilt
    listen (3.9.0)
      rb-fsevent (~> 0.10, >= 0.10.3)
      rb-inotify (~> 0.9, >= 0.9.10)
    lumberjack (1.2.10)
    method_source (1.1.0)
    nenv (0.3.0)
    notiffany (0.1.3)
      nenv (~> 0.1)
      shellany (~> 0.0)
    pry (0.14.2)
      coderay (~> 1.1)
      method_source (~> 1.0)
    rake (13.2.1)
    rb-fsevent (0.11.2)
    rb-inotify (0.11.1)
      ffi (~> 1.0)
    sass-embedded (1.79.4)
      google-protobuf (~> 4.27)
      rake (>= 13)
    sass-embedded (1.79.4-arm64-darwin)
      google-protobuf (~> 4.27)
    shellany (0.0.1)
    temple (0.10.3)
    thor (1.3.2)
    tilt (2.4.0)

PLATFORMS
  arm64-darwin-23
  ruby

DEPENDENCIES
  guard (~> 2.18)
  haml (~> 6.3.0)
  sass-embedded (~> 1.79)

RUBY VERSION
   ruby 3.3.3p89

BUNDLED WITH
   2.5.13
